PATH
  remote: .
  specs:
    tasks (0.1.0)
      dry-monads

GEM
  remote: https://rubygems.org/
  specs:
    amazing_print (1.2.1)
    coderay (1.1.3)
    concurrent-ruby (1.1.7)
    diff-lcs (1.4.4)
    dry-core (0.4.9)
      concurrent-ruby (~> 1.0)
    dry-equalizer (0.3.0)
    dry-monads (1.3.5)
      concurrent-ruby (~> 1.0)
      dry-core (~> 0.4, >= 0.4.4)
      dry-equalizer
    method_source (1.0.0)
    pry (0.13.1)
      coderay (~> 1.1)
      method_source (~> 1.0)
    rake (10.5.0)
    rspec (3.9.0)
      rspec-core (~> 3.9.0)
      rspec-expectations (~> 3.9.0)
      rspec-mocks (~> 3.9.0)
    rspec-core (3.9.2)
      rspec-support (~> 3.9.3)
    rspec-expectations (3.9.2)
      diff-lcs (>= 1.2.0, < 2.0)
      rspec-support (~> 3.9.0)
    rspec-mocks (3.9.1)
      diff-lcs (>= 1.2.0, < 2.0)
      rspec-support (~> 3.9.0)
    rspec-pride (3.2.1)
      rspec (~> 3.0)
    rspec-support (3.9.3)

PLATFORMS
  ruby

DEPENDENCIES
  amazing_print
  bundler (~> 2.1)
  pry
  rake (~> 10.0)
  rspec (~> 3.0)
  rspec-pride
  tasks!

BUNDLED WITH
   2.1.4
